GEM
  remote: https://rubygems.org/
  specs:
    addressable (2.6.0)
      public_suffix (>= 2.0.2, < 4.0)
    coderay (1.1.2)
    colorize (0.8.1)
    down (4.8.1)
      addressable (~> 2.5)
    json (2.2.0)
    method_source (0.9.2)
    minitest (5.11.3)
    pry (0.12.2)
      coderay (~> 1.1.0)
      method_source (~> 0.9.0)
    public_suffix (3.1.0)

PLATFORMS
  ruby

DEPENDENCIES
  colorize
  down
  json
  minitest
  pry

BUNDLED WITH
   1.16.2
